PATH
  remote: .
  specs:
    neomigim (0.1.0)
      jekyll (~> 3.6)

GEM
  remote: https://rubygems.org/
  specs:
    addressable (2.5.2)
      public_suffix (>= 2.0.2, < 4.0)
    backports (3.11.1)
    colorator (1.1.0)
    ffi (1.9.18)
    forwardable-extended (2.6.0)
    jekyll (3.6.2)
      addressable (~> 2.4)
      colorator (~> 1.0)
      jekyll-sass-converter (~> 1.0)
      jekyll-watch (~> 1.1)
      kramdown (~> 1.14)
      liquid (~> 4.0)
      mercenary (~> 0.3.3)
      pathutil (~> 0.9)
      rouge (>= 1.7, < 3)
      safe_yaml (~> 1.0)
    jekyll-admin (0.8.0)
      addressable (~> 2.4)
      jekyll (~> 1.1.2)
      sinatra (~> 1.4)
      sinatra-contrib (~> 1.4)
    jekyll-feed (0.9.2)
      jekyll (~> 1.1.2)
    jekyll-paginate (1.1.0)
    jekyll-sass-converter (1.5.0)
      sass (~> 3.4)
    jekyll-seo-tag (2.4.0)
      jekyll (~> 1.1.2)
    jekyll-sitemap (1.2.0)
      jekyll (~> 1.1.2)
    jekyll-watch (1.5.0)
      listen (~> 3.0, < 3.1)
    kramdown (1.15.0)
    liquid (4.0.0)
    listen (3.0.8)
      rb-fsevent (~> 0.9, >= 0.9.4)
      rb-inotify (~> 0.9, >= 0.9.7)
    mercenary (0.3.6)
    multi_json (1.13.1)
    pathutil (0.16.0)
      forwardable-extended (~> 2.6)
    public_suffix (3.0.0)
    rack (1.6.9)
    rack-protection (1.5.5)
      rack
    rack-test (0.8.3)
      rack (>= 1.0, < 3)
    rake (10.5.0)
    rb-fsevent (0.10.2)
    rb-inotify (0.9.10)
      ffi (>= 0.5.0, < 2)
    rouge (2.2.1)
    safe_yaml (1.0.4)
    sass (3.5.2)
      sass-listen (~> 4.0.0)
    sass-listen (4.0.0)
      rb-fsevent (~> 0.9, >= 0.9.4)
      rb-inotify (~> 0.9, >= 0.9.7)
    sinatra (1.4.8)
      rack (~> 1.5)
      rack-protection (~> 1.4)
      tilt (>= 1.3, < 3)
    sinatra-contrib (1.4.7)
      backports (>= 2.0)
      multi_json
      rack-protection
      rack-test
      sinatra (~> 1.4.0)
      tilt (>= 1.3, < 3)
    tilt (2.0.8)

PLATFORMS
  ruby

DEPENDENCIES
  bundler (~> 1.12)
  jekyll-admin
  jekyll-feed
  jekyll-paginate
  jekyll-seo-tag
  jekyll-sitemap
  neomigim!
  rake (~> 10.0)

BUNDLED WITH
   1.16.1
